GEM
  remote: https://rubygems.org/
  specs:
    mqtt (0.5.0)

PLATFORMS
  x64-mingw32

DEPENDENCIES
  mqtt

BUNDLED WITH
   1.14.3
