GEM
  remote: https://rubygems.org/
  specs:
    mqtt (0.5.0)
    mysql2 (0.4.9-x64-mingw32)

PLATFORMS
  x64-mingw32

DEPENDENCIES
  mqtt
  mysql2

BUNDLED WITH
   1.14.3
